GEM
  remote: http://rubygems.org/
  specs:
    activesupport (3.2.2)
      i18n (~> 0.6)
      multi_json (~> 1.0)
    awesome_print (1.0.2)
    bson (1.6.1)
    bson_ext (1.6.1)
      bson (~> 1.6.1)
    capistrano (2.11.2)
      highline
      net-scp (>= 1.0.0)
      net-sftp (>= 2.0.0)
      net-ssh (>= 2.0.14)
      net-ssh-gateway (>= 1.1.0)
    capistrano-ext (1.2.1)
      capistrano (>= 1.0.0)
    database_cleaner (0.7.2)
    diff-lcs (1.2.1)
    fabrication (1.3.2)
    fattr (2.2.1)
    foreman (0.41.0)
      thor (>= 0.13.6)
    highline (1.6.11)
    hipchat (0.4.1)
      httparty
    httparty (0.8.1)
      multi_json
      multi_xml
    i18n (0.6.0)
    kgio (2.7.4)
    log_weasel (0.1.0)
      activesupport
    metaclass (0.0.1)
    mocha (0.10.5)
      metaclass (~> 0.0.1)
    mongo (1.6.1)
      bson (~> 1.6.1)
    multi_json (1.1.0)
    multi_xml (0.4.2)
    mysql2 (0.3.11)
    net-scp (1.0.4)
      net-ssh (>= 1.99.1)
    net-sftp (2.0.5)
      net-ssh (>= 2.0.9)
    net-ssh (2.3.0)
    net-ssh-gateway (1.1.0)
      net-ssh (>= 1.99.1)
    options (2.3.0)
      fattr
    progress_bar (0.4.0)
      highline (~> 1.6.1)
      options (~> 2.3.0)
    rack (1.4.1)
    rack-protection (1.2.0)
      rack
    rack-test (0.6.1)
      rack (>= 1.0)
    racksh (0.9.10)
      rack (>= 1.0)
      rack-test (>= 0.5)
    raindrops (0.8.0)
    rake (0.9.2.2)
    rspec (2.13.0)
      rspec-core (~> 2.13.0)
      rspec-expectations (~> 2.13.0)
      rspec-mocks (~> 2.13.0)
    rspec-core (2.13.0)
    rspec-expectations (2.13.0)
      diff-lcs (>= 1.1.3, < 2.0)
    rspec-mocks (2.13.0)
    sequel (3.33.0)
    sinatra (1.3.2)
      rack (~> 1.3, >= 1.3.6)
      rack-protection (~> 1.2)
      tilt (~> 1.3, >= 1.3.3)
    thor (0.14.6)
    tilt (1.3.3)
    unicorn (4.2.0)
      kgio (~> 2.6)
      rack
      raindrops (~> 0.7)

PLATFORMS
  ruby

DEPENDENCIES
  activesupport
  awesome_print
  bson_ext
  capistrano
  capistrano-ext
  database_cleaner
  fabrication
  foreman
  hipchat
  log_weasel
  mocha
  mongo
  mysql2
  progress_bar
  rack-test
  racksh
  rake
  rspec
  sequel
  sinatra
  thor
  unicorn
